PATH
  remote: vendor/pliny
  specs:
    pliny (0.0.1)
      activesupport
      multi_json
      sinatra

GEM
  remote: https://rubygems.org/
  specs:
    activesupport (4.0.4)
      i18n (~> 0.6, >= 0.6.9)
      minitest (~> 4.2)
      multi_json (~> 1.3)
      thread_safe (~> 0.1)
      tzinfo (~> 0.3.37)
    atomic (1.1.16)
    backports (2.6.5)
    honeybadger (1.11.2)
      json
    i18n (0.6.9)
    json (1.8.1)
    minitest (4.7.5)
    multi_json (1.9.2)
    oj (2.6.1)
    pg (0.17.1)
    puma (2.7.1)
      rack (>= 1.1, < 2.0)
    rack (1.5.2)
    rack-protection (1.5.2)
      rack
    rack-test (0.6.2)
      rack (>= 1.0)
    rr (1.1.2)
    secure_headers (1.1.1)
    sequel (4.8.0)
    sequel_pg (1.6.9)
      pg (>= 0.8.0)
      sequel (>= 3.39.0)
    sinatra (1.4.4)
      rack (~> 1.4)
      rack-protection (~> 1.4)
      tilt (~> 1.3, >= 1.3.4)
    sinatra-contrib (1.4.2)
      backports (>= 2.0)
      multi_json
      rack-protection
      rack-test
      sinatra (~> 1.4.0)
      tilt (~> 1.3)
    sinatra-router (0.2.3)
      sinatra (~> 1.4)
    thread_safe (0.3.1)
      atomic (>= 1.1.7, < 2)
    tilt (1.4.1)
    tzinfo (0.3.39)

PLATFORMS
  ruby

DEPENDENCIES
  honeybadger
  multi_json
  oj
  pg
  pliny!
  puma
  rack-test
  rr
  secure_headers
  sequel
  sequel_pg
  sinatra
  sinatra-contrib
  sinatra-router
