PATH
  remote: .
  specs:
    pliny (0.0.1)
      activesupport
      multi_json
      pg
      sequel
      sinatra

GEM
  remote: https://rubygems.org/
  specs:
    activesupport (4.0.4)
      i18n (~> 0.6, >= 0.6.9)
      minitest (~> 4.2)
      multi_json (~> 1.3)
      thread_safe (~> 0.1)
      tzinfo (~> 0.3.37)
    atomic (1.1.16)
    i18n (0.6.9)
    minitest (4.7.5)
    multi_json (1.9.2)
    pg (0.17.1)
    rack (1.5.2)
    rack-protection (1.5.2)
      rack
    rack-test (0.6.2)
      rack (>= 1.0)
    rr (1.1.2)
    sequel (4.8.0)
    sinatra (1.4.4)
      rack (~> 1.4)
      rack-protection (~> 1.4)
      tilt (~> 1.3, >= 1.3.4)
    thread_safe (0.3.1)
      atomic (>= 1.1.7, < 2)
    tilt (1.4.1)
    timecop (0.7.1)
    tzinfo (0.3.39)

PLATFORMS
  ruby

DEPENDENCIES
  pliny!
  rack-test
  rr
  timecop
